GEM
  remote: https://rubygems.org/
  specs:
    git (1.2.9.1)
    rake (10.5.0)
    rubygems-tasks (0.2.4)

PLATFORMS
  ruby

DEPENDENCIES
  git
  rake
  rubygems-tasks

BUNDLED WITH
   1.10.6
