GEM
  remote: https://rubygems.org/
  specs:
    rubygems-tasks (0.2.4)

PLATFORMS
  ruby

DEPENDENCIES
  rubygems-tasks

BUNDLED WITH
   1.10.5
