GEM
  remote: https://rubygems.org/
  specs:
    git (1.3.0)
    rake (12.0.0)
    rubygems-tasks (0.2.4)

PLATFORMS
  ruby

DEPENDENCIES
  git
  rake
  rubygems-tasks

BUNDLED WITH
   1.13.7
